GEM
  remote: https://rubygems.org/
  specs:
    metaclass (0.0.4)
    minitest (5.6.0)
    mocha (1.1.0)
      metaclass (~> 0.0.1)
    rake (10.4.2)

PLATFORMS
  ruby

DEPENDENCIES
  minitest (~> 5.3)
  mocha (~> 1.1)
  rake (~> 10.3)
